GEM
  remote: https://rubygems.org/
  specs:
    algorithms (0.6.1)
    coffee-filter (0.1.3)
      coffee-script (>= 2.2.0)
      haml (< 4.0)
    coffee-script (2.3.0)
      coffee-script-source
      execjs
    coffee-script-source (1.8.0)
    connection_pool (2.0.0)
    execjs (2.2.1)
    haml (3.1.8)
    libv8 (3.16.14.7)
    mini_portile (0.6.0)
    nokogiri (1.6.3.1)
      mini_portile (= 0.6.0)
    rack (1.5.2)
    rack-protection (1.5.3)
      rack
    rack-session-redis (0.0.3)
      redis (>= 2.0.0)
    redis (3.1.0)
    redis-namespace (1.5.1)
      redis (~> 3.0, >= 3.0.4)
    redis-pool (0.1.1)
      connection_pool
      redis
    ref (1.0.5)
    shotgun (0.9)
      rack (>= 1.0)
    sinatra (1.4.5)
      rack (~> 1.4)
      rack-protection (~> 1.4)
      tilt (~> 1.3, >= 1.3.4)
    therubyracer (0.12.1)
      libv8 (~> 3.16.14.0)
      ref
    tilt (1.4.1)

PLATFORMS
  ruby

DEPENDENCIES
  algorithms
  coffee-filter
  haml (= 3.1.8)
  nokogiri
  rack-session-redis
  redis
  redis-namespace
  redis-pool
  shotgun
  sinatra (= 1.4.5)
  therubyracer
